GEM
  remote: https://rubygems.org/
  specs:
    diff-lcs (1.1.3)
    htmlentities (4.3.1)
    rspec (2.12.0)
      rspec-core (~> 2.12.0)
      rspec-expectations (~> 2.12.0)
      rspec-mocks (~> 2.12.0)
    rspec-core (2.12.0)
    rspec-expectations (2.12.0)
      diff-lcs (~> 1.1.3)
    rspec-mocks (2.12.0)
    rubyzip (0.9.9)

PLATFORMS
  ruby

DEPENDENCIES
  htmlentities (~> 4.3.1)
  rspec
  rubyzip (~> 0.9.9)
