GEM
  remote: https://rubygems.org/
  specs:
    diff-lcs (1.2.4)
    htmlentities (4.3.1)
    rake (10.1.0)
    rspec (2.14.1)
      rspec-core (~> 2.14.0)
      rspec-expectations (~> 2.14.0)
      rspec-mocks (~> 2.14.0)
    rspec-core (2.14.5)
    rspec-expectations (2.14.3)
      diff-lcs (>= 1.1.3, < 2.0)
    rspec-mocks (2.14.3)
    rubyzip (0.9.9)

PLATFORMS
  ruby

DEPENDENCIES
  htmlentities (~> 4.3.1)
  rake (~> 10.1)
  rspec (~> 2.14)
  rubyzip (~> 0.9.9)
